GEM
  remote: https://rubygems.org/
  specs:
    addressable (2.3.8)
    ast (2.4.0)
    backports (3.6.5)
    berkshelf (3.3.0)
      addressable (~> 2.3.4)
      berkshelf-api-client (~> 1.2)
      buff-config (~> 1.0)
      buff-extensions (~> 1.0)
      buff-shell_out (~> 0.1)
      celluloid (~> 0.16.0)
      celluloid-io (~> 0.16.1)
      cleanroom (~> 1.0)
      faraday (~> 0.9.0)
      httpclient (~> 2.6.0)
      minitar (~> 0.5.4)
      octokit (~> 3.0)
      retryable (~> 2.0)
      ridley (~> 4.0)
      solve (~> 1.1)
      thor (~> 0.19)
    berkshelf-api-client (1.3.0)
      faraday (~> 0.9.0)
      httpclient (~> 2.6.0)
    buff-config (1.0.1)
      buff-extensions (~> 1.0)
      varia_model (~> 0.4)
    buff-extensions (1.0.0)
    buff-ignore (1.1.1)
    buff-ruby_engine (0.1.0)
    buff-shell_out (0.2.0)
      buff-ruby_engine (~> 0.1.0)
    builder (3.2.4)
    celluloid (0.16.0)
      timers (~> 4.0.0)
    celluloid-io (0.16.2)
      celluloid (>= 0.16.0)
      nio4r (>= 1.1.0)
    chef (13.12.14)
      addressable
      bundler (>= 1.10)
      chef-config (= 13.12.14)
      chef-zero (~> 13.0)
      diff-lcs (~> 1.2, >= 1.2.4)
      erubis (~> 2.7)
      ffi-yajl (~> 2.2)
      highline (~> 1.6, >= 1.6.9)
      iniparse (~> 1.4)
      iso8601 (~> 0.12.1)
      mixlib-archive (~> 0.4)
      mixlib-authentication (~> 1.4)
      mixlib-cli (~> 1.7)
      mixlib-log (~> 1.3)
      mixlib-shellout (~> 2.4)
      net-sftp (~> 2.1, >= 2.1.2)
      net-ssh (>= 2.9, < 5.0)
      net-ssh-multi (~> 1.2, >= 1.2.1)
      ohai (~> 13.0)
      plist (~> 3.2)
      proxifier (~> 1.0)
      rspec-core (~> 3.5, < 3.8)
      rspec-expectations (~> 3.5, < 3.8)
      rspec-mocks (~> 3.5, < 3.8)
      rspec_junit_formatter (~> 0.2.0)
      serverspec (~> 2.7)
      specinfra (~> 2.10)
      syslog-logger (~> 1.6)
      uuidtools (~> 2.1.5)
    chef-api (0.5.0)
      logify (~> 0.1)
      mime-types
    chef-config (13.12.14)
      addressable
      fuzzyurl
      mixlib-config (>= 2.2.12, < 3.0)
      mixlib-shellout (~> 2.0)
      tomlrb (~> 1.2)
    chef-zero (13.1.0)
      ffi-yajl (~> 2.2)
      hashie (>= 2.0, < 4.0)
      mixlib-log (~> 1.3)
      rack (~> 2.0)
      uuidtools (~> 2.1)
    chefspec (4.3.0)
      chef (>= 11.14)
      fauxhai (~> 2.0)
      rspec (~> 3.0)
    cleanroom (1.0.0)
    coderay (1.1.2)
    dep-selector-libgecode (1.0.2)
    dep_selector (1.0.3)
      dep-selector-libgecode (~> 1.0)
      ffi (~> 1.9)
    diff-lcs (1.3)
    erubis (2.7.0)
    ethon (0.7.4)
      ffi (>= 1.3.0)
    faraday (0.9.1)
      multipart-post (>= 1.2, < 3)
    faraday_middleware (0.10.0)
      faraday (>= 0.7.4, < 0.10)
    fauxhai (2.3.0)
      net-ssh
      ohai
    ffi (1.12.2)
    ffi-yajl (2.3.3)
      libyajl2 (~> 1.2)
    foodcritic (4.0.0)
      erubis
      gherkin (~> 2.11)
      nokogiri (~> 1.5)
      rake
      rufus-lru (~> 1.0)
      treetop (~> 1.4)
      yajl-ruby (~> 1.1)
    fuzzyurl (0.9.0)
    gh (0.14.0)
      addressable
      backports
      faraday (~> 0.8)
      multi_json (~> 1.0)
      net-http-persistent (>= 2.7)
      net-http-pipeline
    gherkin (2.12.2)
      multi_json (~> 1.3)
    gssapi (1.2.0)
      ffi (>= 1.0.1)
    gyoku (1.3.1)
      builder (>= 2.1.2)
    hashie (2.1.2)
    highline (1.7.10)
    hitimes (1.2.2)
    httpclient (2.6.0.1)
    iniparse (1.5.0)
    ipaddress (0.8.3)
    iso8601 (0.12.1)
    json (1.8.3)
    kitchen-vagrant (0.18.0)
      test-kitchen (~> 1.4)
    launchy (2.4.3)
      addressable (~> 2.3)
    libyajl2 (1.2.0)
    little-plugger (1.1.3)
    logging (1.8.2)
      little-plugger (>= 1.1.3)
      multi_json (>= 1.8.4)
    logify (0.2.0)
    method_source (0.9.2)
    mime-types (3.3.1)
      mime-types-data (~> 3.2015)
    mime-types-data (3.2019.1009)
    mini_portile2 (2.4.0)
    minitar (0.5.4)
    mixlib-archive (0.4.20)
      mixlib-log
    mixlib-authentication (1.4.2)
    mixlib-cli (1.7.0)
    mixlib-config (2.2.18)
      tomlrb
    mixlib-log (1.7.1)
    mixlib-shellout (2.4.4)
    multi_json (1.14.1)
    multipart-post (2.0.0)
    net-http-persistent (2.9.4)
    net-http-pipeline (1.0.1)
    net-scp (1.2.1)
      net-ssh (>= 2.6.5)
    net-sftp (2.1.2)
      net-ssh (>= 2.6.5)
    net-ssh (2.9.4)
    net-ssh-gateway (1.3.0)
      net-ssh (>= 2.6.5)
    net-ssh-multi (1.2.1)
      net-ssh (>= 2.6.5)
      net-ssh-gateway (>= 1.2.0)
    net-telnet (0.1.1)
    nio4r (1.1.1)
    nokogiri (1.10.8)
      mini_portile2 (~> 2.4.0)
    nori (2.6.0)
    octokit (3.8.0)
      sawyer (~> 0.6.0, >= 0.5.3)
    ohai (13.12.6)
      chef-config (>= 12.5.0.alpha.1, < 14)
      ffi (~> 1.9)
      ffi-yajl (~> 2.2)
      ipaddress
      mixlib-cli (< 2.0)
      mixlib-config (~> 2.0)
      mixlib-log (>= 1.7.1, < 2.0)
      mixlib-shellout (~> 2.0)
      plist (~> 3.1)
      systemu (~> 2.6.4)
      wmi-lite (~> 1.0)
    parser (2.6.5.0)
      ast (~> 2.4.0)
    plist (3.5.0)
    polyglot (0.3.5)
    powerpack (0.1.2)
    proxifier (1.0.3)
    pry (0.9.12.6)
      coderay (~> 1.0)
      method_source (~> 0.8)
      slop (~> 3.4)
    pusher-client (0.6.2)
      json
      websocket (~> 1.0)
    rack (2.2.2)
    rainbow (2.2.2)
      rake
    rake (12.3.3)
    retryable (2.0.1)
    ridley (4.2.0)
      addressable
      buff-config (~> 1.0)
      buff-extensions (~> 1.0)
      buff-ignore (~> 1.1)
      buff-shell_out (~> 0.1)
      celluloid (~> 0.16.0)
      celluloid-io (~> 0.16.1)
      erubis
      faraday (~> 0.9.0)
      hashie (>= 2.0.2, < 3.0.0)
      json (>= 1.7.7)
      mixlib-authentication (>= 1.3.0)
      net-http-persistent (>= 2.8)
      retryable (~> 2.0)
      semverse (~> 1.1)
      varia_model (~> 0.4)
    rspec (3.7.0)
      rspec-core (~> 3.7.0)
      rspec-expectations (~> 3.7.0)
      rspec-mocks (~> 3.7.0)
    rspec-core (3.7.1)
      rspec-support (~> 3.7.0)
    rspec-expectations (3.7.0)
      diff-lcs (>= 1.2.0, < 2.0)
      rspec-support (~> 3.7.0)
    rspec-its (1.3.0)
      rspec-core (>= 3.0.0)
      rspec-expectations (>= 3.0.0)
    rspec-mocks (3.7.0)
      diff-lcs (>= 1.2.0, < 2.0)
      rspec-support (~> 3.7.0)
    rspec-support (3.7.1)
    rspec_junit_formatter (0.2.3)
      builder (< 4)
      rspec-core (>= 2, < 4, != 2.12.0)
    rubocop (0.48.1)
      parser (>= 2.3.3.1, < 3.0)
      powerpack (~> 0.1)
      rainbow (>= 1.99.1, < 3.0)
      ruby-progressbar (~> 1.7)
      unicode-display_width (~> 1.0, >= 1.0.1)
    rubocop-junit-formatter (0.1.1)
    ruby-progressbar (1.10.1)
    rubyntlm (0.4.0)
    rubyzip (1.3.0)
    rufus-lru (1.0.5)
    safe_yaml (1.0.4)
    sawyer (0.6.0)
      addressable (~> 2.3.5)
      faraday (~> 0.8, < 0.10)
    semverse (1.2.1)
    serverspec (2.20.0)
      multi_json
      rspec (~> 3.0)
      rspec-its
      specinfra (~> 2.38)
    sfl (2.3)
    slop (3.6.0)
    solve (1.2.1)
      dep_selector (~> 1.0)
      semverse (~> 1.1)
    specinfra (2.82.10)
      net-scp
      net-ssh (>= 2.7)
      net-telnet (= 0.1.1)
      sfl
    stove (3.2.8)
      chef-api (~> 0.5)
      logify (~> 0.2)
    syslog-logger (1.6.8)
    systemu (2.6.5)
    test-kitchen (1.4.1)
      mixlib-shellout (>= 1.2, < 3.0)
      net-scp (~> 1.1)
      net-ssh (~> 2.7)
      safe_yaml (~> 1.0)
      thor (~> 0.18)
    thor (0.19.1)
    timers (4.0.1)
      hitimes
    tomlrb (1.2.9)
    travis (1.7.7)
      addressable (~> 2.3)
      backports
      faraday (~> 0.9)
      faraday_middleware (~> 0.9, >= 0.9.1)
      gh (~> 0.13)
      highline (~> 1.6)
      launchy (~> 2.1)
      pry (~> 0.9, < 0.10)
      pusher-client (~> 0.4)
      typhoeus (~> 0.6, >= 0.6.8)
    treetop (1.6.3)
      polyglot (~> 0.3)
    typhoeus (0.7.2)
      ethon (>= 0.7.4)
    unicode-display_width (1.6.0)
    uuidtools (2.1.5)
    varia_model (0.4.0)
      buff-extensions (~> 1.0)
      hashie (>= 2.0.2, < 3.0.0)
    websocket (1.2.2)
    windows_chef_zero (2.0.0)
      test-kitchen (>= 1.2.1)
    winrm (1.3.3)
      builder (>= 2.1.2)
      gssapi (~> 1.2)
      gyoku (~> 1.0)
      httpclient (~> 2.2, >= 2.2.0.2)
      logging (>= 1.6.1, < 3.0)
      nori (~> 2.0)
      rubyntlm (~> 0.4.0)
      uuidtools (~> 2.1.2)
    winrm-transport (1.0.2)
      rubyzip (~> 1.1, >= 1.1.7)
      winrm (~> 1.3)
    wmi-lite (1.0.5)
    yajl-ruby (1.4.1)

PLATFORMS
  ruby

DEPENDENCIES
  berkshelf
  chefspec
  foodcritic
  kitchen-vagrant
  pry (~> 0.9.0)
  rake
  rspec_junit_formatter
  rubocop
  rubocop-junit-formatter
  serverspec
  stove
  test-kitchen
  travis (~> 1.7.5)
  windows_chef_zero
  winrm-transport
